PATH
  remote: .
  specs:
    markdiff (0.8.1)
      diff-lcs
      nokogiri

GEM
  remote: https://rubygems.org/
  specs:
    diff-lcs (1.6.1)
    nokogiri (1.18.8-x86_64-linux-gnu)
      racc (~> 1.4)
    racc (1.8.1)
    rake (13.2.1)
    redcarpet (3.6.1)
    rspec (3.13.0)
      rspec-core (~> 3.13.0)
      rspec-expectations (~> 3.13.0)
      rspec-mocks (~> 3.13.0)
    rspec-core (3.13.3)
      rspec-support (~> 3.13.0)
    rspec-expectations (3.13.3)
      diff-lcs (>= 1.2.0, < 2.0)
      rspec-support (~> 3.13.0)
    rspec-mocks (3.13.2)
      diff-lcs (>= 1.2.0, < 2.0)
      rspec-support (~> 3.13.0)
    rspec-support (3.13.2)

PLATFORMS
  x86_64-linux

DEPENDENCIES
  bundler
  markdiff!
  rake
  redcarpet
  rspec

BUNDLED WITH
   2.6.7
